GEM
  remote: https://rubygems.org/
  specs:
    byebug (11.0.1)
    childprocess (3.0.0)
    retriable (3.1.2)
    rubyzip (2.0.0)
    selenium-webdriver (3.142.6)
      childprocess (>= 0.5, < 4.0)
      rubyzip (>= 1.2.2)

PLATFORMS
  ruby

DEPENDENCIES
  byebug
  retriable
  selenium-webdriver

BUNDLED WITH
   2.0.2
